GEM
  remote: http://rubygems.org/
  specs:
    actionmailer (3.2.16)
      actionpack (= 3.2.16)
      mail (~> 2.5.4)
    actionpack (3.2.16)
      activemodel (= 3.2.16)
      activesupport (= 3.2.16)
      builder (~> 3.0.0)
      erubis (~> 2.7.0)
      journey (~> 1.0.4)
      rack (~> 1.4.5)
      rack-cache (~> 1.2)
      rack-test (~> 0.6.1)
      sprockets (~> 2.2.1)
    activemodel (3.2.16)
      activesupport (= 3.2.16)
      builder (~> 3.0.0)
    activerecord (3.2.16)
      activemodel (= 3.2.16)
      activesupport (= 3.2.16)
      arel (~> 3.0.2)
      tzinfo (~> 0.3.29)
    activeresource (3.2.16)
      activemodel (= 3.2.16)
      activesupport (= 3.2.16)
    activesupport (3.2.16)
      i18n (~> 0.6, >= 0.6.4)
      multi_json (~> 1.0)
    arel (3.0.3)
    bcrypt-ruby (3.0.1)
    better_errors (1.1.0)
      coderay (>= 1.0.0)
      erubis (>= 2.6.6)
    binding_of_caller (0.7.2)
      debug_inspector (>= 0.0.1)
    builder (3.0.4)
    chronic (0.10.2)
    coderay (1.1.0)
    coffee-rails (3.2.2)
      coffee-script (>= 2.2.0)
      railties (~> 3.2.0)
    coffee-script (2.2.0)
      coffee-script-source
      execjs
    coffee-script-source (1.7.0)
    commonjs (0.2.7)
    debug_inspector (0.0.2)
    erubis (2.7.0)
    execjs (2.1.0)
    highline (1.6.21)
    hike (1.2.3)
    i18n (0.6.9)
    journey (1.0.4)
    jquery-rails (3.1.0)
      railties (>= 3.0, < 5.0)
      thor (>= 0.14, < 2.0)
    jquery-tablesorter (1.11.2)
      railties (>= 3.1, < 5)
    json (1.8.1)
    less (2.5.0)
      commonjs (~> 0.2.7)
    less-rails (2.5.0)
      actionpack (>= 3.1)
      less (~> 2.5.0)
    libv8 (3.16.14.3)
    mail (2.5.4)
      mime-types (~> 1.16)
      treetop (~> 1.4.8)
    mime-types (1.25.1)
    mini_portile (0.6.0)
    multi_json (1.10.1)
    mysql2 (0.3.16)
    net-ldap (0.5.1)
    nokogiri (1.6.2.1)
      mini_portile (= 0.6.0)
    options (2.3.2)
    polyglot (0.3.5)
    pr_geohash (1.0.0)
    progress_bar (1.0.0)
      highline (~> 1.6.1)
      options (~> 2.3.0)
    quiet_assets (1.0.2)
      railties (>= 3.1, < 5.0)
    rack (1.4.5)
    rack-cache (1.2)
      rack (>= 0.4)
    rack-ssl (1.3.4)
      rack
    rack-test (0.6.2)
      rack (>= 1.0)
    rails (3.2.16)
      actionmailer (= 3.2.16)
      actionpack (= 3.2.16)
      activerecord (= 3.2.16)
      activeresource (= 3.2.16)
      activesupport (= 3.2.16)
      bundler (~> 1.0)
      railties (= 3.2.16)
    railties (3.2.16)
      actionpack (= 3.2.16)
      activesupport (= 3.2.16)
      rack-ssl (~> 1.3.2)
      rake (>= 0.8.7)
      rdoc (~> 3.4)
      thor (>= 0.14.6, < 2.0)
    rake (10.3.2)
    rdoc (3.12.2)
      json (~> 1.4)
    ref (1.0.5)
    rsolr (1.0.10)
      builder (>= 2.1.2)
    sass (3.3.8)
    sass-rails (3.2.6)
      railties (~> 3.2.0)
      sass (>= 3.1.10)
      tilt (~> 1.3)
    simple_login (0.0.8)
    sprockets (2.2.2)
      hike (~> 1.2)
      multi_json (~> 1.0)
      rack (~> 1.0)
      tilt (~> 1.1, != 1.3.0)
    sunspot (2.1.1)
      pr_geohash (~> 1.0)
      rsolr (~> 1.0.7)
    sunspot_rails (2.1.1)
      nokogiri
      rails (>= 3)
      sunspot (= 2.1.1)
    sunspot_solr (2.1.1)
    therubyracer (0.12.1)
      libv8 (~> 3.16.14.0)
      ref
    thor (0.19.1)
    tilt (1.4.1)
    treetop (1.4.15)
      polyglot
      polyglot (>= 0.3.1)
    twitter-bootstrap-rails (2.2.8)
      actionpack (>= 3.1)
      execjs
      rails (>= 3.1)
      railties (>= 3.1)
    tzinfo (0.3.39)
    uglifier (2.5.0)
      execjs (>= 0.3.0)
      json (>= 1.8.0)
    whenever (0.9.2)
      activesupport (>= 2.3.4)
      chronic (>= 0.6.3)

PLATFORMS
  ruby

DEPENDENCIES
  bcrypt-ruby (~> 3.0.0)
  better_errors
  binding_of_caller
  coffee-rails (~> 3.2.1)
  jquery-rails
  jquery-tablesorter
  less-rails
  mysql2
  net-ldap
  progress_bar
  quiet_assets
  rails (= 3.2.16)
  sass-rails (~> 3.2.3)
  simple_login
  sunspot_rails
  sunspot_solr
  therubyracer
  twitter-bootstrap-rails
  uglifier (>= 1.0.3)
  whenever
